GEM
  remote: https://rubygems.org/
  specs:
    commonjs (0.2.7)
    daemons (1.2.4)
    eventmachine (1.2.0.1)
    font-awesome-less (4.6.2)
      less (>= 2.4.0)
    less (2.6.0)
      commonjs (~> 0.2.7)
    rack (2.0.1)
    thin (1.7.0)
      daemons (~> 1.0, >= 1.0.9)
      eventmachine (~> 1.0, >= 1.0.4)
      rack (>= 1, < 3)

PLATFORMS
  ruby

DEPENDENCIES
  font-awesome-less
  rack
  thin

BUNDLED WITH
   1.13.0
